GEM
  remote: http://rubygems.org/
  specs:
    backports (2.3.0)
    daemons (1.1.9)
    eventmachine (1.0.0)
    ffi (1.6.0)
    ffi (1.6.0-x86-mingw32)
    json (1.5.4)
    monkey-lib (0.5.4)
      backports
    rack (1.3.2)
    rb-inotify (0.8.8)
      ffi (>= 0.5.0)
    sass (3.2.7)
    sinatra (1.2.6)
      rack (~> 1.1)
      tilt (>= 1.2.2, < 2.0)
    sinatra-advanced-routes (0.5.1)
      monkey-lib (~> 0.5.0)
      sinatra (~> 1.0)
      sinatra-sugar (~> 0.5.0)
    sinatra-reloader (0.5.0)
      sinatra (~> 1.0)
      sinatra-advanced-routes (~> 0.5.0)
    sinatra-sugar (0.5.1)
      monkey-lib (~> 0.5.0)
      sinatra (~> 1.0)
    thin (1.5.1)
      daemons (>= 1.0.9)
      eventmachine (>= 0.12.6)
      rack (>= 1.0.0)
    tilt (1.3.3)

PLATFORMS
  ruby
  x86-mingw32

DEPENDENCIES
  json (= 1.5.4)
  rb-inotify (= 0.8.8)
  sass (= 3.2.7)
  sinatra (= 1.2.6)
  sinatra-reloader (= 0.5.0)
  thin (= 1.5.1)
